GEM
  remote: http://rubygems.org/
  specs:
    RedCloth (4.2.9)
    albino (1.3.3)
      posix-spawn (>= 0.3.6)
    chunky_png (1.3.0)
    classifier (1.3.4)
      fast-stemmer (>= 1.0.0)
    compass (0.12.5)
      chunky_png (~> 1.2)
      fssm (>= 0.2.7)
      sass (~> 3.2.19)
    directory_watcher (1.5.1)
    fast-stemmer (1.0.2)
    fssm (0.2.10)
    haml (3.1.8)
    jekyll (0.11.2)
      albino (~> 1.3)
      classifier (~> 1.3)
      directory_watcher (~> 1.1)
      kramdown (~> 0.13)
      liquid (~> 2.3)
      maruku (~> 0.5)
    kramdown (0.14.2)
    liquid (2.3.0)
    maruku (0.7.1)
    posix-spawn (0.3.8)
    pygments.rb (0.3.7)
      posix-spawn (~> 0.3.6)
      yajl-ruby (~> 1.1.0)
    rack (1.4.5)
    rack-protection (1.5.3)
      rack
    rake (0.9.6)
    rb-fsevent (0.9.4)
    rdiscount (1.6.8)
    rubypants (0.2.0)
    sass (3.2.19)
    sinatra (1.3.6)
      rack (~> 1.4)
      rack-protection (~> 1.3)
      tilt (~> 1.3, >= 1.3.3)
    stringex (1.4.0)
    tilt (1.4.1)
    yajl-ruby (1.1.0)

PLATFORMS
  ruby

DEPENDENCIES
  RedCloth (~> 4.2.9)
  compass (~> 0.12.1)
  haml (~> 3.1.6)
  jekyll (~> 0.11.2)
  liquid (~> 2.3.0)
  pygments.rb (~> 0.3.2)
  rack (~> 1.4.1)
  rake (~> 0.9.2)
  rb-fsevent (~> 0.9)
  rdiscount (~> 1.6.8)
  rubypants (~> 0.2.0)
  sinatra (~> 1.3.2)
  stringex (~> 1.4.0)
